GEM
  remote: http://rubygems.org/
  specs:
    hoe (2.14.0)
      rake (~> 0.8)
    hoe-bundler (1.1.0)
      hoe (>= 2.2.0)
    hoe-gemspec2 (1.1.0)
      hoe
    json (1.6.5)
    rake (0.9.2.2)
    rdoc (3.12)
      json (~> 1.4)

PLATFORMS
  x86-mingw32

DEPENDENCIES
  hoe (~> 2.14)
  hoe-bundler (~> 1.1)
  hoe-gemspec2 (~> 1.0)
  rdoc (~> 3.10)
